GEM
  remote: https://rubygems.org/
  specs:
    daemons (1.2.4)
    json (2.1.0)
    newrelic_plugin (1.3.1)
      json
    pg (0.21.0)
    sequel (5.1.0)

PLATFORMS
  ruby

DEPENDENCIES
  daemons
  newrelic_plugin
  pg
  sequel

BUNDLED WITH
   1.15.4
